PATH
  remote: .
  specs:
    sirportly (1.3.3)
      multipart-post (= 1.2.0)

GEM
  remote: https://rubygems.org/
  specs:
    multipart-post (1.2.0)

PLATFORMS
  ruby

DEPENDENCIES
  sirportly!
